GIT
  remote: https://github.com/ameuret/ruhoh.rb.git
  revision: afeb989abb8287c475b203dca2e231589d086d78
  specs:
    ruhoh (2.6)
      directory_watcher (~> 1.4.0)
      mustache (~> 0.99)
      nokogiri (~> 1.5)
      rack (~> 1.4)
      redcarpet (~> 2.1)

GEM
  remote: https://rubygems.org/
  specs:
    bootstrap-sass (3.2.0.2)
      sass (~> 3.2)
    celluloid (0.16.0)
      timers (~> 4.0.0)
    coderay (1.1.0)
    directory_watcher (1.4.1)
    ffi (1.9.3)
    formatador (0.2.5)
    guard (2.6.1)
      formatador (>= 0.2.4)
      listen (~> 2.7)
      lumberjack (~> 1.0)
      pry (>= 0.9.12)
      thor (>= 0.18.1)
    guard-haml (1.1.2)
      guard (~> 2.0)
      haml (>= 3.0)
    guard-sass (1.5.0)
      guard (>= 1.1.0)
      sass (>= 3.1)
    guard-shell (0.6.1)
      guard (>= 1.1.0)
    haml (4.0.5)
      tilt
    hitimes (1.2.2)
    libnotify (0.8.3)
      ffi (>= 1.0.11)
    listen (2.7.9)
      celluloid (>= 0.15.2)
      rb-fsevent (>= 0.9.3)
      rb-inotify (>= 0.9)
    lumberjack (1.0.9)
    method_source (0.8.2)
    mini_portile (0.6.0)
    mustache (0.99.6)
    nokogiri (1.6.3.1)
      mini_portile (= 0.6.0)
    pry (0.10.1)
      coderay (~> 1.1.0)
      method_source (~> 0.8.1)
      slop (~> 3.4)
    psych (1.3.4)
    rack (1.5.2)
    rb-fsevent (0.9.4)
    rb-inotify (0.9.5)
      ffi (>= 0.5.0)
    redcarpet (2.3.0)
    sass (3.4.4)
    slop (3.6.0)
    thor (0.19.1)
    tilt (2.0.1)
    timers (4.0.1)
      hitimes

PLATFORMS
  ruby

DEPENDENCIES
  bootstrap-sass
  guard
  guard-haml
  guard-sass
  guard-shell
  haml
  libnotify
  psych (~> 1.3)
  ruhoh!
  sass
